GIT
  remote: git://github.com/zhron4x/fluent-plugin-twitter.git
  revision: d83b722e882fa8e01f60afad5571248b4099bac5
  specs:
    fluent-plugin-twitter (0.6.3)
      fluentd (>= 0.14.0, < 2)
      twitter (~> 6.0)

PATH
  remote: .
  specs:
    fluentd-ui (0.4.3)
      addressable
      bundler
      diff-lcs
      draper (~> 1.3)
      fluentd (>= 0.10.56, < 2)
      font-awesome-rails
      haml-rails (~> 0.5.3)
      httpclient (~> 2.5)
      jbuilder (~> 2.0)
      jquery-rails (~> 3.1.0)
      kramdown (> 1.0.0)
      kramdown-haml
      puma
      rails (~> 4.2.0)
      rubyzip (~> 1.1)
      sass-rails (~> 4.0.3)
      settingslogic
      sucker_punch (~> 1.0.5)
      thor

GEM
  remote: https://rubygems.org/
  specs:
    aasm (4.11.0)
    actionmailer (4.2.8)
      actionpack (= 4.2.8)
      actionview (= 4.2.8)
      activejob (= 4.2.8)
      mail (~> 2.5, >= 2.5.4)
      rails-dom-testing (~> 1.0, >= 1.0.5)
    actionpack (4.2.8)
      actionview (= 4.2.8)
      activesupport (= 4.2.8)
      rack (~> 1.6)
      rack-test (~> 0.6.2)
      rails-dom-testing (~> 1.0, >= 1.0.5)
      rails-html-sanitizer (~> 1.0, >= 1.0.2)
    actionview (4.2.8)
      activesupport (= 4.2.8)
      builder (~> 3.1)
      erubis (~> 2.7.0)
      rails-dom-testing (~> 1.0, >= 1.0.5)
      rails-html-sanitizer (~> 1.0, >= 1.0.3)
    activejob (4.2.8)
      activesupport (= 4.2.8)
      globalid (>= 0.3.0)
    activemodel (4.2.8)
      activesupport (= 4.2.8)
      builder (~> 3.1)
    activerecord (4.2.8)
      activemodel (= 4.2.8)
      activesupport (= 4.2.8)
      arel (~> 6.0)
    activerecord-import (0.18.1)
      activerecord (>= 3.2)
    activesupport (4.2.8)
      i18n (~> 0.7)
      minitest (~> 5.1)
      thread_safe (~> 0.3, >= 0.3.4)
      tzinfo (~> 1.1)
    addressable (2.5.1)
      public_suffix (~> 2.0, >= 2.0.2)
    arel (6.0.4)
    better_errors (2.1.1)
      coderay (>= 1.0.0)
      erubis (>= 2.6.6)
      rack (>= 0.9.0)
    bindata (2.4.0)
    binding_of_caller (0.7.2)
      debug_inspector (>= 0.0.1)
    buftok (0.2.0)
    builder (3.2.3)
    bzip2-ffi (1.0.0)
      ffi (~> 1.0)
    cassandra-driver (3.1.0)
      ione (~> 1.2)
    celluloid (0.15.2)
      timers (~> 1.1.0)
    coderay (1.1.1)
    cool.io (1.4.6)
    debug_inspector (0.0.2)
    diff-lcs (1.3)
    domain_name (0.5.20170404)
      unf (>= 0.0.5, < 1.0.0)
    draper (1.4.0)
      actionpack (>= 3.0)
      activemodel (>= 3.0)
      activesupport (>= 3.0)
      request_store (~> 1.0)
    elasticsearch (5.0.4)
      elasticsearch-api (= 5.0.4)
      elasticsearch-transport (= 5.0.4)
    elasticsearch-api (5.0.4)
      multi_json
    elasticsearch-transport (5.0.4)
      faraday
      multi_json
    equalizer (0.0.11)
    erubis (2.7.0)
    excon (0.55.0)
    faraday (0.11.0)
      multipart-post (>= 1.2, < 3)
    ffi (1.9.18)
    fluent-plugin-cassandra-driver (1.0.0)
      cassandra-driver (>= 3.0.3)
      fluentd (>= 0.12.29)
    fluent-plugin-elasticsearch (1.9.3)
      elasticsearch
      excon
      fluentd (>= 0.10.43)
    fluent-plugin-kafka (0.5.5)
      fluentd (>= 0.10.58, < 2)
      ltsv
      ruby-kafka (~> 0.3.16)
    fluent-plugin-mixpanel-enchanced (0.0.13)
      fluentd (>= 0.10.55)
      mixpanel-ruby (~> 2.2.0)
    fluent-plugin-netflow-enchanced (1.0.0.rc1)
      bindata (~> 2.1)
      fluentd (>= 0.14.10, < 2)
    fluent-plugin-retag (0.0.2)
      fluentd
    fluent-plugin-rss (0.0.1)
      fluentd
    fluent-plugin-sql (0.6.0)
      activerecord (~> 4.2)
      activerecord-import (~> 0.7)
      fluentd (>= 0.12.17, < 2)
    fluent-plugin-webhdfs (1.1.0)
      bzip2-ffi
      fluentd (>= 0.14.4)
      webhdfs (>= 0.6.0)
    fluentd (0.14.15)
      cool.io (~> 1.4.5)
      http_parser.rb (>= 0.5.1, < 0.7.0)
      msgpack (>= 0.7.0, < 2.0.0)
      serverengine (>= 2.0.4, < 3.0.0)
      sigdump (~> 0.2.2)
      strptime (~> 0.1.7)
      tzinfo (~> 1.0)
      tzinfo-data (~> 1.0)
      yajl-ruby (~> 1.0)
    font-awesome-rails (4.7.0.1)
      railties (>= 3.2, < 5.1)
    globalid (0.4.0)
      activesupport (>= 4.2.0)
    haml (4.0.7)
      tilt
    haml-rails (0.5.3)
      actionpack (>= 4.0.1)
      activesupport (>= 4.0.1)
      haml (>= 3.1, < 5.0)
      railties (>= 4.0.1)
    hike (1.2.3)
    http (2.2.2)
      addressable (~> 2.3)
      http-cookie (~> 1.0)
      http-form_data (~> 1.0.1)
      http_parser.rb (~> 0.6.0)
    http-cookie (1.0.3)
      domain_name (~> 0.5)
    http-form_data (1.0.1)
    http_parser.rb (0.6.0)
    httpclient (2.8.3)
    i18n (0.8.1)
    i18n_generators (1.2.1)
      mechanize
      rails (>= 3.0.0)
    ione (1.2.4)
    java-properties (0.2.0)
    jbuilder (2.6.3)
      activesupport (>= 3.0.0, < 5.2)
      multi_json (~> 1.2)
    jquery-rails (3.1.4)
      railties (>= 3.0, < 5.0)
      thor (>= 0.14, < 2.0)
    kramdown (1.13.2)
    kramdown-haml (0.0.3)
      haml
    libv8 (3.16.14.19)
    loofah (2.0.3)
      nokogiri (>= 1.5.9)
    ltsv (0.1.0)
    mail (2.6.5)
      mime-types (>= 1.16, < 4)
    mechanize (2.7.5)
      domain_name (~> 0.5, >= 0.5.1)
      http-cookie (~> 1.0)
      mime-types (>= 1.17.2)
      net-http-digest_auth (~> 1.1, >= 1.1.1)
      net-http-persistent (~> 2.5, >= 2.5.2)
      nokogiri (~> 1.6)
      ntlm-http (~> 0.1, >= 0.1.1)
      webrobots (>= 0.0.9, < 0.2)
    memoizable (0.4.2)
      thread_safe (~> 0.3, >= 0.3.1)
    method_source (0.8.2)
    mime-types (3.1)
      mime-types-data (~> 3.2015)
    mime-types-data (3.2016.0521)
    mini_portile2 (2.1.0)
    minitest (5.10.1)
    mixpanel-ruby (2.2.0)
    msgpack (1.1.0)
    multi_json (1.12.1)
    multipart-post (2.0.0)
    mysql2 (0.3.21)
    naught (1.1.0)
    net-http-digest_auth (1.4.1)
    net-http-persistent (2.9.4)
    nokogiri (1.7.1)
      mini_portile2 (~> 2.1.0)
    ntlm-http (0.1.1)
    pry (0.10.4)
      coderay (~> 1.1.0)
      method_source (~> 0.8.1)
      slop (~> 3.4)
    pry-rails (0.3.6)
      pry (>= 0.10.4)
    public_suffix (2.0.5)
    puma (3.8.2)
    rack (1.6.5)
    rack-test (0.6.3)
      rack (>= 1.0)
    rails (4.2.8)
      actionmailer (= 4.2.8)
      actionpack (= 4.2.8)
      actionview (= 4.2.8)
      activejob (= 4.2.8)
      activemodel (= 4.2.8)
      activerecord (= 4.2.8)
      activesupport (= 4.2.8)
      bundler (>= 1.3.0, < 2.0)
      railties (= 4.2.8)
      sprockets-rails
    rails-deprecated_sanitizer (1.0.3)
      activesupport (>= 4.2.0.alpha)
    rails-dom-testing (1.0.8)
      activesupport (>= 4.2.0.beta, < 5.0)
      nokogiri (~> 1.6)
      rails-deprecated_sanitizer (>= 1.0.1)
    rails-html-sanitizer (1.0.3)
      loofah (~> 2.0)
    railties (4.2.8)
      actionpack (= 4.2.8)
      activesupport (= 4.2.8)
      rake (>= 0.8.7)
      thor (>= 0.18.1, < 2.0)
    rake (12.0.0)
    redis (3.3.3)
    ref (2.0.0)
    request_store (1.3.2)
    rspec-core (3.5.4)
      rspec-support (~> 3.5.0)
    rspec-expectations (3.5.0)
      diff-lcs (>= 1.2.0, < 2.0)
      rspec-support (~> 3.5.0)
    rspec-mocks (3.5.0)
      diff-lcs (>= 1.2.0, < 2.0)
      rspec-support (~> 3.5.0)
    rspec-rails (3.5.2)
      actionpack (>= 3.0)
      activesupport (>= 3.0)
      railties (>= 3.0)
      rspec-core (~> 3.5.0)
      rspec-expectations (~> 3.5.0)
      rspec-mocks (~> 3.5.0)
      rspec-support (~> 3.5.0)
    rspec-support (3.5.0)
    ruby-kafka (0.3.17)
    rubyzip (1.2.1)
    sass (3.2.19)
    sass-rails (4.0.5)
      railties (>= 4.0.0, < 5.0)
      sass (~> 3.2.2)
      sprockets (~> 2.8, < 3.0)
      sprockets-rails (~> 2.0)
    serverengine (2.0.5)
      sigdump (~> 0.2.2)
    settingslogic (2.0.9)
    sigdump (0.2.4)
    simple_form (3.4.0)
      actionpack (> 4, < 5.1)
      activemodel (> 4, < 5.1)
    simple_oauth (0.3.1)
    slop (3.6.0)
    sprockets (2.12.4)
      hike (~> 1.2)
      multi_json (~> 1.0)
      rack (~> 1.0)
      tilt (~> 1.1, != 1.3.0)
    sprockets-rails (2.3.3)
      actionpack (>= 3.0)
      activesupport (>= 3.0)
      sprockets (>= 2.8, < 4.0)
    strptime (0.1.9)
    sucker_punch (1.0.5)
      celluloid (~> 0.15.2)
    therubyracer (0.12.2)
      libv8 (~> 3.16.14.0)
      ref
    thor (0.19.4)
    thread_safe (0.3.6)
    tilt (1.4.1)
    timers (1.1.0)
    twitter (6.1.0)
      addressable (~> 2.5)
      buftok (~> 0.2.0)
      equalizer (= 0.0.11)
      faraday (~> 0.11.0)
      http (~> 2.1)
      http_parser.rb (~> 0.6.0)
      memoizable (~> 0.4.2)
      naught (~> 1.1)
      simple_oauth (~> 0.3.1)
    tzinfo (1.2.3)
      thread_safe (~> 0.1)
    tzinfo-data (1.2017.2)
      tzinfo (>= 1.0.0)
    unf (0.1.4)
      unf_ext
    unf_ext (0.0.7.4)
    web-console (2.3.0)
      activemodel (>= 4.0)
      binding_of_caller (>= 0.7.2)
      railties (>= 4.0)
      sprockets-rails (>= 2.0, < 4.0)
    webhdfs (0.8.0)
      addressable
    webrobots (0.1.2)
    yajl-ruby (1.3.0)
    zookeeper (1.4.11)

PLATFORMS
  ruby

DEPENDENCIES
  aasm (= 4.11.0)
  better_errors
  fluent-plugin-cassandra-driver
  fluent-plugin-elasticsearch
  fluent-plugin-kafka
  fluent-plugin-mixpanel-enchanced
  fluent-plugin-netflow-enchanced
  fluent-plugin-retag
  fluent-plugin-rss
  fluent-plugin-sql
  fluent-plugin-twitter (~> 0.6.3)!
  fluent-plugin-webhdfs
  fluentd-ui!
  font-awesome-rails
  i18n_generators (= 1.2.1)
  java-properties
  mysql2 (~> 0.3.21)
  pry
  pry-rails
  puma
  rails (= 4.2.8)
  redis (~> 3.2)
  rspec-rails (~> 3.0)
  simple_form
  therubyracer (= 0.12.2)
  web-console (~> 2.0)
  zookeeper

BUNDLED WITH
   1.14.6
